GEM
  remote: https://rubygems.org/
  specs:
    activesupport (6.0.3.2)
      concurrent-ruby (~> 1.0, >= 1.0.2)
      i18n (>= 0.7, < 2)
      minitest (~> 5.1)
      tzinfo (~> 1.1)
      zeitwerk (~> 2.2, >= 2.2.2)
    addressable (2.7.0)
      public_suffix (>= 2.0.2, < 5.0)
    aws-eventstream (1.0.3)
    aws-sdk (2.11.298)
      aws-sdk-resources (= 2.11.298)
    aws-sdk-core (2.11.298)
      aws-sigv4 (~> 1.0)
      jmespath (~> 1.0)
    aws-sdk-resources (2.11.298)
      aws-sdk-core (= 2.11.298)
    aws-sigv4 (1.1.0)
      aws-eventstream (~> 1.0, >= 1.0.2)
    cfer (0.6.0)
      activesupport (>= 3)
      aws-sdk (~> 2.2)
      aws-sdk-resources (~> 2.2)
      cri (~> 2.7)
      docile (~> 1.1)
      git (~> 1.3)
      highline (~> 1.7)
      preconditions (~> 0.3.0)
      rainbow (~> 2.1)
      semantic (~> 1.4)
      table_print (~> 1.5)
    concurrent-ruby (1.1.6)
    cri (2.15.9)
    docile (1.2.0)
    faraday (0.17.0)
      multipart-post (>= 1.2, < 3)
    git (1.5.0)
    git_clone_url (2.0.0)
      uri-ssh_git (>= 2.0)
    highline (1.7.10)
    i18n (1.8.3)
      concurrent-ruby (~> 1.0)
    jmespath (1.4.0)
    minitest (5.14.1)
    multipart-post (2.1.1)
    octokit (4.14.0)
      sawyer (~> 0.8.0, >= 0.5.3)
    preconditions (0.3.0)
    public_suffix (4.0.1)
    rainbow (2.2.2)
      rake
    rake (12.3.2)
    sawyer (0.8.2)
      addressable (>= 2.3.5)
      faraday (> 0.8, < 2.0)
    semantic (1.6.1)
    stax (0.0.28)
      aws-sdk (~> 2)
      cfer
      git_clone_url
      octokit
      thor
    table_print (1.5.6)
    thor (0.20.3)
    thread_safe (0.3.6)
    tzinfo (1.2.7)
      thread_safe (~> 0.1)
    uri-ssh_git (2.0.0)
    zeitwerk (2.3.1)

PLATFORMS
  ruby

DEPENDENCIES
  cfer (>= 0.6.0)
  docile (~> 1.2.0)
  stax (>= 0.0.28)

BUNDLED WITH
   2.0.1
